GEM
  remote: https://rubygems.org/
  specs:
    maxitest (3.1.0)
      minitest (>= 5.0.0, < 5.12.0)
    minitest (5.11.3)
    rake (12.3.3)
    single_cov (1.3.2)

PLATFORMS
  ruby

DEPENDENCIES
  maxitest
  minitest
  rake
  single_cov

BUNDLED WITH
   1.16.1
